PATH
  remote: .
  specs:
    historian_djdm (1.0.1)
      delayed_job (~> 2.1)
      dm-aggregates (~> 1.2.0)
      dm-core (~> 1.2.0)
      dm-observer (~> 1.2.0)

GEM
  remote: https://rubygems.org/
  specs:
    activesupport (3.2.22.2)
      i18n (~> 0.6, >= 0.6.4)
      multi_json (~> 1.0)
    addressable (2.4.0)
    daemons (1.2.3)
    data_objects (0.10.17)
      addressable (~> 2.1)
    delayed_job (2.1.4)
      activesupport (~> 3.0)
      daemons
    dm-aggregates (1.2.0)
      dm-core (~> 1.2.0)
    dm-core (1.2.1)
      addressable (~> 2.3)
    dm-do-adapter (1.2.0)
      data_objects (~> 0.10.6)
      dm-core (~> 1.2.0)
    dm-migrations (1.2.0)
      dm-core (~> 1.2.0)
    dm-observer (1.2.0)
      dm-core (~> 1.2.0)
    dm-sqlite-adapter (1.2.0)
      dm-do-adapter (~> 1.2.0)
      do_sqlite3 (~> 0.10.6)
    do_sqlite3 (0.10.17)
      data_objects (= 0.10.17)
    i18n (0.7.0)
    multi_json (1.11.2)
    rake (10.5.0)
    rspec (1.3.0)
    rubygems-tasks (0.2.4)

PLATFORMS
  ruby

DEPENDENCIES
  dm-migrations (~> 1.2.0)
  dm-sqlite-adapter (~> 1.2.0)
  historian_djdm!
  rake
  rspec (>= 1.2.9)
  rubygems-tasks (~> 0.2)

BUNDLED WITH
   1.10.6
